GEM
  remote: http://rubygems.org/
  specs:
    haml (3.1.1)
    hassle (0.0.1)
      haml
      rack
    rack (1.2.2)
    rdiscount (1.6.8)
    sass (3.1.1)
    sinatra (1.2.3)
      rack (~> 1.1)
      tilt (>= 1.2.2, < 2.0)
    tilt (1.3)

PLATFORMS
  ruby

DEPENDENCIES
  haml
  hassle
  rdiscount
  sass
  sinatra
